GEM
  remote: https://rubygems.org/
  specs:
    activesupport (4.2.7)
      i18n (~> 0.7)
      json (~> 1.7, >= 1.7.7)
      minitest (~> 5.1)
      thread_safe (~> 0.3, >= 0.3.4)
      tzinfo (~> 1.1)
    addressable (2.4.0)
    axiom-types (0.1.1)
      descendants_tracker (~> 0.0.4)
      ice_nine (~> 0.11.0)
      thread_safe (~> 0.3, >= 0.3.1)
    backports (3.6.8)
    coercible (1.0.0)
      descendants_tracker (~> 0.0.1)
    declarative (0.0.8)
      uber (>= 0.0.15)
    descendants_tracker (0.0.4)
      thread_safe (~> 0.3, >= 0.3.1)
    equalizer (0.0.11)
    excon (0.51.0)
    faraday (0.9.2)
      multipart-post (>= 1.2, < 3)
    faraday_middleware (0.10.0)
      faraday (>= 0.7.4, < 0.10)
    github_webhook (0.5.0)
      activesupport (>= 4)
      rack (>= 1.3)
    i18n (0.7.0)
    ice_nine (0.11.2)
    json (1.8.3)
    minitest (5.9.0)
    multi_json (1.12.1)
    multipart-post (2.0.0)
    octokit (4.3.0)
      sawyer (~> 0.7.0, >= 0.5.3)
    rack (1.6.4)
    rack-protection (1.5.3)
      rack
    rack-test (0.6.3)
      rack (>= 1.0)
    representable (3.0.0)
      declarative (~> 0.0.5)
      uber (~> 0.0.15)
    sawyer (0.7.0)
      addressable (>= 2.3.5, < 2.5)
      faraday (~> 0.8, < 0.10)
    sinatra (1.4.7)
      rack (~> 1.5)
      rack-protection (~> 1.4)
      tilt (>= 1.3, < 3)
    sinatra-contrib (1.4.7)
      backports (>= 2.0)
      multi_json
      rack-protection
      rack-test
      sinatra (~> 1.4.0)
      tilt (>= 1.3, < 3)
    thread_safe (0.3.5)
    tilt (2.0.5)
    tracker_api (0.2.12)
      addressable
      equalizer
      excon
      faraday (~> 0.9.0)
      faraday_middleware
      multi_json
      representable
      virtus
    tzinfo (1.2.2)
      thread_safe (~> 0.1)
    uber (0.0.15)
    virtus (1.0.5)
      axiom-types (~> 0.1)
      coercible (~> 1.0)
      descendants_tracker (~> 0.0, >= 0.0.3)
      equalizer (~> 0.0, >= 0.0.9)

PLATFORMS
  ruby

DEPENDENCIES
  activesupport (~> 4.2, >= 4.2.6)
  github_webhook (~> 0.5.0)
  octokit (~> 4.0)
  sinatra (~> 1.4, >= 1.4.7)
  sinatra-contrib
  tracker_api (~> 0.2.0)

RUBY VERSION
   ruby 2.3.0p0

BUNDLED WITH
   1.12.4
